GEM
  remote: http://rubygems.org/
  specs:
    RedCloth (4.2.3)
    abstract (1.0.0)
    actionmailer (3.0.0.rc)
      actionpack (= 3.0.0.rc)
      mail (~> 2.2.5)
    actionmailer-with-request (0.1.1)
    actionpack (3.0.0.rc)
      activemodel (= 3.0.0.rc)
      activesupport (= 3.0.0.rc)
      builder (~> 2.1.2)
      erubis (~> 2.6.6)
      i18n (~> 0.4.1)
      rack (~> 1.2.1)
      rack-mount (~> 0.6.9)
      rack-test (~> 0.5.4)
      tzinfo (~> 0.3.22)
    activemodel (3.0.0.rc)
      activesupport (= 3.0.0.rc)
      builder (~> 2.1.2)
      i18n (~> 0.4.1)
    activerecord (3.0.0.rc)
      activemodel (= 3.0.0.rc)
      activesupport (= 3.0.0.rc)
      arel (~> 0.4.0)
      tzinfo (~> 0.3.22)
    activeresource (3.0.0.rc)
      activemodel (= 3.0.0.rc)
      activesupport (= 3.0.0.rc)
    activesupport (3.0.0.rc)
    arel (0.4.0)
      activesupport (>= 3.0.0.beta)
    aws (2.3.20)
      http_connection
      uuidtools
      xml-simple
    bcrypt-ruby (2.1.2)
    bson (1.0.4)
    bson_ext (1.0.4)
    builder (2.1.2)
    carrierwave (0.5.0.beta2)
      activesupport (>= 3.0.0.beta4)
    cgi_multipart_eof_fix (2.5.0)
    configuration (1.1.0)
    crack (0.1.8)
    custom_fields (0.0.0.1)
    daemons (1.1.0)
    devise (1.1.1)
      bcrypt-ruby (~> 2.1.2)
      warden (~> 0.10.7)
    erubis (2.6.6)
      abstract (>= 1.0.0)
    fastthread (1.0.7)
    formtastic-rails3 (1.0.0.beta3)
      actionpack (>= 3.0.0beta3)
      activesupport (>= 3.0.0beta3)
    gem_plugin (0.2.3)
    gemcutter (0.6.1)
    git (1.2.5)
    haml (3.0.15)
    has_scope (0.5.0)
    heroku (1.9.13)
      json_pure (>= 1.2.0, < 1.5.0)
      launchy (~> 0.3.2)
      rest-client (~> 1.4.0)
    http_connection (1.3.0)
    httparty (0.6.1)
      crack (= 0.1.8)
    i18n (0.4.1)
    inherited_resources (1.1.2)
      has_scope (~> 0.5.0)
      responders (~> 0.6.0)
    jeweler (1.4.0)
      gemcutter (>= 0.1.0)
      git (>= 1.2.5)
      rubyforge (>= 2.0.0)
    json_pure (1.4.6)
    launchy (0.3.7)
      configuration (>= 0.0.5)
      rake (>= 0.8.1)
    liquid (2.0.0)
    mail (2.2.5)
      activesupport (>= 2.3.6)
      mime-types
      treetop (>= 1.4.5)
    mime-types (1.16)
    mimetype-fu (0.1.2)
    mongo (1.0.7)
      bson (>= 1.0.4)
    mongo_session_store (2.0.0.pre)
      actionpack (~> 3.0)
    mongoid (2.0.0.beta.16)
      activemodel (= 3.0.0.rc)
      bson (= 1.0.4)
      mongo (= 1.0.7)
      tzinfo (= 0.3.22)
      will_paginate (~> 3.0.pre)
    mongoid_acts_as_tree (0.1.5)
      bson (>= 0.20.1)
      mongoid (<= 2.0.0)
    mongrel (1.1.5)
      cgi_multipart_eof_fix (>= 2.4)
      daemons (>= 1.0.3)
      fastthread (>= 1.0.1)
      gem_plugin (>= 0.2.3)
    polyglot (0.3.1)
    rack (1.2.1)
    rack-mount (0.6.11)
      rack (>= 1.0.0)
    rack-test (0.5.4)
      rack (>= 1.0)
    rails (3.0.0.rc)
      actionmailer (= 3.0.0.rc)
      actionpack (= 3.0.0.rc)
      activerecord (= 3.0.0.rc)
      activeresource (= 3.0.0.rc)
      activesupport (= 3.0.0.rc)
      bundler (>= 1.0.0.rc.1)
      railties (= 3.0.0.rc)
    railties (3.0.0.rc)
      actionpack (= 3.0.0.rc)
      activesupport (= 3.0.0.rc)
      rake (>= 0.8.3)
      thor (~> 0.14.0)
    rake (0.8.7)
    responders (0.6.2)
    rest-client (1.4.2)
      mime-types (>= 1.16)
    rmagick (2.12.2)
    rubyforge (2.0.4)
      json_pure (>= 1.1.7)
    thor (0.14.0)
    treetop (1.4.8)
      polyglot (>= 0.3.1)
    tzinfo (0.3.22)
    uuidtools (2.1.1)
    warden (0.10.7)
      rack (>= 1.0.0)
    will_paginate (3.0.pre2)
    xml-simple (1.0.12)

PLATFORMS
  ruby

DEPENDENCIES
  RedCloth
  actionmailer-with-request
  aws
  bson_ext (>= 1.0.4)
  carrierwave (= 0.5.0.beta2)
  cgi_multipart_eof_fix
  custom_fields (= 0.0.0.1)
  devise (= 1.1.1)
  fastthread
  formtastic-rails3 (= 1.0.0.beta3)
  haml (= 3.0.15)
  heroku
  httparty (= 0.6.1)
  inherited_resources (= 1.1.2)
  jeweler
  liquid (= 2.0.0)
  mimetype-fu
  mongo_session_store (= 2.0.0.pre)
  mongoid (= 2.0.0.beta.16)
  mongoid_acts_as_tree (= 0.1.5)
  mongrel
  rails (= 3.0.0.rc)
  rmagick (= 2.12.2)
  warden
